GEM
  remote: https://rubygems.org/
  specs:
    activemodel (4.2.1)
      activesupport (= 4.2.1)
      builder (~> 3.1)
    activerecord (4.2.1)
      activemodel (= 4.2.1)
      activesupport (= 4.2.1)
      arel (~> 6.0)
    activesupport (4.2.1)
      i18n (~> 0.7)
      json (~> 1.7, >= 1.7.7)
      minitest (~> 5.1)
      thread_safe (~> 0.3, >= 0.3.4)
      tzinfo (~> 1.1)
    addressable (2.2.6)
    arel (6.0.0)
    aws-sdk (2.0.28)
      aws-sdk-resources (= 2.0.28)
    aws-sdk-core (2.0.28)
      builder (~> 3.0)
      jmespath (~> 1.0)
      multi_json (~> 1.0)
      multi_xml (~> 0.5)
    aws-sdk-resources (2.0.28)
      aws-sdk-core (= 2.0.28)
    bson (2.3.0)
    bson_ext (1.5.1)
    builder (3.2.2)
    foreman (0.24.0)
      term-ansicolor (~> 1.0.5)
      thor (>= 0.13.6)
    heroku (2.17.0)
      launchy (>= 0.3.2)
      rest-client (~> 1.6.1)
      rubyzip
      term-ansicolor (~> 1.0.5)
    i18n (0.7.0)
    jmespath (1.0.2)
      multi_json (~> 1.0)
    json (1.8.2)
    launchy (2.0.5)
      addressable (~> 2.2.6)
    mime-types (1.17.2)
    minitest (5.5.1)
    multi_json (1.10.1)
    multi_xml (0.5.5)
    pg (0.18.1)
    rack (1.4.0)
    rack-protection (1.2.0)
      rack
    rake (10.4.2)
    rest-client (1.6.7)
      mime-types (>= 1.16)
    rubyzip (0.9.4)
    sinatra (1.3.2)
      rack (~> 1.3, >= 1.3.6)
      rack-protection (~> 1.2)
      tilt (~> 1.3, >= 1.3.3)
    sinatra-activerecord (2.0.6)
      activerecord (>= 3.2)
      sinatra (~> 1.0)
    term-ansicolor (1.0.7)
    thor (0.14.6)
    thread_safe (0.3.5)
    tilt (1.3.3)
    tzinfo (1.2.2)
      thread_safe (~> 0.1)

PLATFORMS
  ruby

DEPENDENCIES
  activerecord
  aws-sdk
  bson
  bson_ext
  foreman
  heroku
  pg
  rake
  sinatra
  sinatra-activerecord
